GEM
  remote: http://rubygems.org/
  specs:
    activesupport (3.1.12)
      multi_json (~> 1.0)
    aws (2.8.0)
      http_connection
      uuidtools
      xml-simple
    git (1.2.5)
    http_connection (1.4.4)
    jeweler (1.8.4)
      bundler (~> 1.0)
      git (>= 1.2.5)
      rake
      rdoc
    json (1.7.7)
    json_pure (1.7.7)
    multi_json (1.7.2)
    rake (10.0.4)
    rdoc (3.12.2)
      json (~> 1.4)
    uuidtools (2.1.4)
    xml-simple (1.1.2)

PLATFORMS
  ruby

DEPENDENCIES
  activesupport (~> 3.1.12)
  aws
  bundler (~> 1.3.5)
  jeweler (~> 1.8.4)
  json_pure
  rdoc (~> 3.12)
